PATH
  remote: .
  specs:
    rpw (0.0.5)
      thor
      thor-hollaback
      typhoeus

GEM
  remote: https://rubygems.org/
  specs:
    ast (2.4.1)
    ethon (0.12.0)
      ffi (>= 1.3.0)
    ffi (1.13.1)
    hollaback (0.1.0)
    minitest (5.14.2)
    parallel (1.19.2)
    parser (2.7.1.5)
      ast (~> 2.4.1)
    rainbow (3.0.0)
    rake (13.0.1)
    regexp_parser (1.8.1)
    rexml (3.2.4)
    rubocop (0.92.0)
      parallel (~> 1.10)
      parser (>= 2.7.1.5)
      rainbow (>= 2.2.2, < 4.0)
      regexp_parser (>= 1.7)
      rexml
      rubocop-ast (>= 0.5.0)
      ruby-progressbar (~> 1.7)
      unicode-display_width (>= 1.4.0, < 2.0)
    rubocop-ast (0.7.1)
      parser (>= 2.7.1.5)
    rubocop-performance (1.8.1)
      rubocop (>= 0.87.0)
      rubocop-ast (>= 0.4.0)
    ruby-progressbar (1.10.1)
    standard (0.7)
      rubocop (= 0.92)
      rubocop-performance (= 1.8.1)
    thor (1.0.1)
    thor-hollaback (0.2.0)
      hollaback (~> 0.1.0)
      thor (>= 0.19.1)
    typhoeus (1.4.0)
      ethon (>= 0.9.0)
    unicode-display_width (1.7.0)

PLATFORMS
  ruby

DEPENDENCIES
  minitest
  rake
  rpw!
  standard

BUNDLED WITH
   2.1.4
